GEM
  remote: http://rubygems.org/
  specs:
    rack (1.4.1)

PLATFORMS
  ruby

DEPENDENCIES
  rack
